GEM
  remote: https://rubygems.org/
  specs:
    haml (4.0.4)
      tilt
    kgio (2.8.1)
    rack (1.5.2)
    raindrops (0.12.0)
    rake (0.9.6)
    sass (3.2.12)
    tilt (1.4.1)
    unicorn (4.7.0)
      kgio (~> 2.6)
      rack
      raindrops (~> 0.7)

PLATFORMS
  ruby

DEPENDENCIES
  haml
  rack
  rake
  sass
  unicorn
